GEM
  remote: https://rubygems.org/
  specs:
    nio4r (2.7.1)
    puma (6.4.2)
      nio4r (~> 2.0)
    rack (3.0.10)
    rackup (2.1.0)
      rack (>= 3)
      webrick (~> 1.8)
    webrick (1.8.1)

PLATFORMS
  ruby

DEPENDENCIES
  puma (~> 6.4.2)
  rack (~> 3.0.10)
  rackup (~> 2.1)

BUNDLED WITH
   1.17.2
